{
	"Modality": "MR",
	"MagneticFieldStrength": 3,
	"Manufacturer": "Siemens",
	"ManufacturersModelName": "TrioTim",
	"InstitutionName": "Baycrest_Centre_for_Geriatric_Care",
	"InstitutionalDepartmentName": "Diagnostic_Imaging_Department",
	"InstitutionAddress": "Bathurst_Street_3560_Toronto_Ontario_CA_M6A_2E1",
	"DeviceSerialNumber": "35120",
	"StationName": "MRC35120",
	"PatientPosition": "HFS",
	"ProcedureStepDescription": "VB17_NMatrix_12_Ch_Head_fMRI_Projects_Head_Active_fMRI_Projects",
	"SoftwareVersions": "syngo_MR_B17",
	"MRAcquisitionType": "2D",
	"SeriesDescription": "Obl_Ax_ep2d_~244",
	"ProtocolName": "Obl_Ax_ep2d_~244",
	"ScanningSequence": "EP",
	"SequenceVariant": "SK",
	"ScanOptions": "FS",
	"SequenceName": "_epfid2d1_96",
	"ImageType": ["ORIGINAL", "PRIMARY", "M", "ND", "MOSAIC"],
	"SeriesNumber": 12,
	"AcquisitionTime": "11:26:29.145000",
	"AcquisitionNumber": 1,
	"ImageComments": "fMRI_120_(2)",
	"SliceThickness": 3.5,
	"SpacingBetweenSlices": 3.99,
	"SAR": 0.165887,
	"EchoTime": 0.027,
	"RepetitionTime": 1.5,
	"FlipAngle": 62,
	"PartialFourier": 1,
	"BaseResolution": 96,
	"ShimSetting": [
		-123,
		28072,
		-3258,
		1336,
		172,
		18,
		306,
		-97	],
	"TxRefAmp": 291.058,
	"PhaseResolution": 1,
	"ReceiveCoilName": "HeadMatrix",
	"PulseSequenceDetails": "%SiemensSeq%_ep2d_pace",
	"PercentPhaseFOV": 100,
	"PhaseEncodingSteps": 95,
	"AcquisitionMatrixPE": 96,
	"ReconMatrixPE": 96,
	"BandwidthPerPixelPhaseEncode": 35.311,
	"ParallelReductionFactorInPlane": 2,
	"EffectiveEchoSpacing": 0.000294998,
	"DerivedVendorReportedEchoSpacing": 0.000589996,
	"TotalReadoutTime": 0.0280248,
	"PixelBandwidth": 2480,
	"DwellTime": 2.1e-06,
	"PhaseEncodingDirection": "j-",
	"SliceTiming": [
		0.7425,
		0,
		0.8,
		0.055,
		0.855,
		0.1125,
		0.9125,
		0.17,
		0.97,
		0.2275,
		1.0275,
		0.285,
		1.085,
		0.3425,
		1.1425,
		0.4,
		1.2,
		0.455,
		1.255,
		0.5125,
		1.3125,
		0.57,
		1.37,
		0.6275,
		1.4275,
		0.685	],
	"ImageOrientationPatientDICOM": [
		0.998564,
		0.0433235,
		0.0315141,
		-0.0446458,
		0.998097,
		0.0425394	],
	"InPlanePhaseEncodingDirectionDICOM": "COL",
	"ConversionSoftware": "dcm2niix",
	"ConversionSoftwareVersion": "v1.0.20180622 (JP2:OpenJPEG) (JP-LS:CharLS) GCC5.5.0"
}
