{
	"Modality": "MR",
	"MagneticFieldStrength": 3,
	"Manufacturer": "Siemens",
	"ManufacturersModelName": "TrioTim",
	"InstitutionName": "Baycrest_Centre_for_Geriatric_Care",
	"InstitutionalDepartmentName": "Diagnostic_Imaging_Department",
	"InstitutionAddress": "Bathurst_Street_3560_Toronto_Ontario_CA_M6A_2E1",
	"DeviceSerialNumber": "35120",
	"StationName": "MRC35120",
	"PatientPosition": "HFS",
	"ProcedureStepDescription": "VB17_NMatrix_12_Ch_Head_fMRI_Projects_Head_Active_fMRI_Projects",
	"SoftwareVersions": "syngo_MR_B17",
	"MRAcquisitionType": "3D",
	"SeriesDescription": "T1_MPRAGE_OB-AXIAL",
	"ProtocolName": "T1_MPRAGE_OB-AXIAL",
	"ScanningSequence": "GR_IR",
	"SequenceVariant": "SP_MP",
	"ScanOptions": "IR",
	"SequenceName": "_tfl3d1",
	"ImageType": ["ORIGINAL", "PRIMARY", "M", "ND", "NORM"],
	"SeriesNumber": 14,
	"AcquisitionTime": "16:09:17.022500",
	"AcquisitionNumber": 1,
	"SliceThickness": 1,
	"SAR": 0.120997,
	"EchoTime": 0.00263,
	"RepetitionTime": 2,
	"InversionTime": 1.1,
	"FlipAngle": 9,
	"PartialFourier": 1,
	"BaseResolution": 256,
	"ShimSetting": [
		-131,
		27989,
		-3319,
		930,
		217,
		-271,
		-81,
		-15	],
	"TxRefAmp": 306.982,
	"PhaseResolution": 1,
	"ReceiveCoilName": "HeadMatrix",
	"PulseSequenceDetails": "%SiemensSeq%_tfl",
	"PercentPhaseFOV": 75,
	"PhaseEncodingSteps": 192,
	"AcquisitionMatrixPE": 192,
	"ReconMatrixPE": 256,
	"PixelBandwidth": 199,
	"DwellTime": 9.8e-06,
	"ImageOrientationPatientDICOM": [
		0.999914,
		0.0124681,
		-0.00410838,
		-0.0118678,
		0.992325,
		0.123089	],
	"InPlanePhaseEncodingDirectionDICOM": "ROW",
	"ConversionSoftware": "dcm2niix",
	"ConversionSoftwareVersion": "v1.0.20180622 (JP2:OpenJPEG) (JP-LS:CharLS) GCC5.5.0"
}
