{
	"Modality": "MR",
	"MagneticFieldStrength": 3,
	"Manufacturer": "Siemens",
	"ManufacturersModelName": "TrioTim",
	"InstitutionName": "Baycrest_Centre_for_Geriatric_Care",
	"InstitutionalDepartmentName": "Diagnostic_Imaging_Department",
	"InstitutionAddress": "Bathurst_Street_3560_Toronto_Ontario_CA_M6A_2E1",
	"DeviceSerialNumber": "35120",
	"StationName": "MRC35120",
	"PatientPosition": "HFS",
	"ProcedureStepDescription": "VB17_NMatrix_12_Ch_Head_fMRI_Projects_Head_Active_fMRI_Projects",
	"SoftwareVersions": "syngo_MR_B17",
	"MRAcquisitionType": "2D",
	"SeriesDescription": "Obl_Ax_ep2d_~244",
	"ProtocolName": "Obl_Ax_ep2d_~244",
	"ScanningSequence": "EP",
	"SequenceVariant": "SK",
	"ScanOptions": "FS",
	"SequenceName": "_epfid2d1_96",
	"ImageType": ["ORIGINAL", "PRIMARY", "M", "ND", "MOSAIC"],
	"SeriesNumber": 8,
	"AcquisitionTime": "11:27:29.917500",
	"AcquisitionNumber": 1,
	"SliceThickness": 3.5,
	"SpacingBetweenSlices": 3.99,
	"SAR": 0.138977,
	"EchoTime": 0.027,
	"RepetitionTime": 1.5,
	"FlipAngle": 62,
	"PartialFourier": 1,
	"BaseResolution": 96,
	"ShimSetting": [
		-166,
		28077,
		-3259,
		777,
		199,
		50,
		227,
		-74	],
	"TxRefAmp": 315.824,
	"PhaseResolution": 1,
	"ReceiveCoilName": "HeadMatrix",
	"PulseSequenceDetails": "%SiemensSeq%_ep2d_pace",
	"PercentPhaseFOV": 100,
	"PhaseEncodingSteps": 95,
	"AcquisitionMatrixPE": 96,
	"ReconMatrixPE": 96,
	"BandwidthPerPixelPhaseEncode": 35.311,
	"ParallelReductionFactorInPlane": 2,
	"EffectiveEchoSpacing": 0.000294998,
	"DerivedVendorReportedEchoSpacing": 0.000589996,
	"TotalReadoutTime": 0.0280248,
	"PixelBandwidth": 2480,
	"DwellTime": 2.1e-06,
	"PhaseEncodingDirection": "j-",
	"SliceTiming": [
		0.7425,
		0,
		0.8,
		0.0575,
		0.8575,
		0.115,
		0.915,
		0.1725,
		0.9725,
		0.23,
		1.03,
		0.285,
		1.085,
		0.3425,
		1.1425,
		0.4,
		1.2,
		0.4575,
		1.2575,
		0.515,
		1.315,
		0.5725,
		1.3725,
		0.63,
		1.43,
		0.685	],
	"ImageOrientationPatientDICOM": [
		0.999363,
		0.0149382,
		-0.0324119,
		-0.0151758,
		0.99986,
		-0.00709849	],
	"InPlanePhaseEncodingDirectionDICOM": "COL",
	"ConversionSoftware": "dcm2niix",
	"ConversionSoftwareVersion": "v1.0.20180622 (JP2:OpenJPEG) (JP-LS:CharLS) GCC5.5.0"
}
