{
	"Modality": "MR",
	"MagneticFieldStrength": 3,
	"Manufacturer": "Siemens",
	"ManufacturersModelName": "TrioTim",
	"InstitutionName": "Baycrest_Centre_for_Geriatric_Care",
	"InstitutionalDepartmentName": "Diagnostic_Imaging_Department",
	"InstitutionAddress": "Bathurst_Street_3560_Toronto_Ontario_CA_M6A_2E1",
	"DeviceSerialNumber": "35120",
	"StationName": "MRC35120",
	"PatientPosition": "HFS",
	"ProcedureStepDescription": "VB17_NMatrix_12_Ch_Head_fMRI_Projects_Head_Active_fMRI_Projects",
	"SoftwareVersions": "syngo_MR_B17",
	"MRAcquisitionType": "3D",
	"SeriesDescription": "T1_MPRAGE_OB-AXIAL",
	"ProtocolName": "T1_MPRAGE_OB-AXIAL",
	"ScanningSequence": "GR_IR",
	"SequenceVariant": "SP_MP",
	"ScanOptions": "IR",
	"SequenceName": "_tfl3d1",
	"ImageType": ["ORIGINAL", "PRIMARY", "M", "ND", "NORM"],
	"SeriesNumber": 14,
	"AcquisitionTime": "14:42:27.395000",
	"AcquisitionNumber": 1,
	"ImageComments": "fMRI_120_(Pilot_#_2)",
	"SliceThickness": 1,
	"SAR": 0.127348,
	"EchoTime": 0.00263,
	"RepetitionTime": 2,
	"InversionTime": 1.1,
	"FlipAngle": 9,
	"PartialFourier": 1,
	"BaseResolution": 256,
	"ShimSetting": [
		-143,
		28019,
		-3244,
		1091,
		221,
		-92,
		155,
		-33	],
	"TxRefAmp": 285.183,
	"PhaseResolution": 1,
	"ReceiveCoilName": "HeadMatrix",
	"PulseSequenceDetails": "%SiemensSeq%_tfl",
	"PercentPhaseFOV": 75,
	"PhaseEncodingSteps": 192,
	"AcquisitionMatrixPE": 192,
	"ReconMatrixPE": 256,
	"PixelBandwidth": 199,
	"DwellTime": 9.8e-06,
	"ImageOrientationPatientDICOM": [
		0.997134,
		0.0545598,
		-0.0524182,
		-0.0527811,
		0.998002,
		0.0347393	],
	"InPlanePhaseEncodingDirectionDICOM": "ROW",
	"ConversionSoftware": "dcm2niix",
	"ConversionSoftwareVersion": "v1.0.20180622 (JP2:OpenJPEG) (JP-LS:CharLS) GCC5.5.0"
}
